GEM
  remote: https://rubygems.org/
  specs:
    coderay (1.0.9)
    columnize (0.3.6)
    daemons (1.1.9)
    debugger (1.6.2)
      columnize (>= 0.3.1)
      debugger-linecache (~> 1.2.0)
      debugger-ruby_core_source (~> 1.2.3)
    debugger-linecache (1.2.0)
    debugger-ruby_core_source (1.2.3)
    diff-lcs (1.2.4)
    eventmachine (1.0.3)
    faraday (0.8.8)
      multipart-post (~> 1.2.0)
    haml (4.0.3)
      tilt
    method_source (0.8.2)
    multi_json (1.8.2)
    multipart-post (1.2.0)
    pry (0.9.12.2)
      coderay (~> 1.0.5)
      method_source (~> 0.8)
      slop (~> 3.4)
    pry-debugger (0.2.2)
      debugger (~> 1.3)
      pry (~> 0.9.10)
    rack (1.5.2)
    rack-protection (1.5.1)
      rack
    rack-test (0.6.2)
      rack (>= 1.0)
    rspec (2.14.1)
      rspec-core (~> 2.14.0)
      rspec-expectations (~> 2.14.0)
      rspec-mocks (~> 2.14.0)
    rspec-core (2.14.6)
    rspec-expectations (2.14.3)
      diff-lcs (>= 1.1.3, < 2.0)
    rspec-mocks (2.14.4)
    simple_oauth (0.2.0)
    sinatra (1.4.4)
      rack (~> 1.4)
      rack-protection (~> 1.4)
      tilt (~> 1.3, >= 1.3.4)
    slop (3.4.6)
    thin (1.6.0)
      daemons (>= 1.0.9)
      eventmachine (>= 1.0.0)
      rack (>= 1.5.0)
    tilt (1.4.1)
    twitter (4.8.1)
      faraday (~> 0.8, < 0.10)
      multi_json (~> 1.0)
      simple_oauth (~> 0.2)

PLATFORMS
  ruby

DEPENDENCIES
  faraday
  haml
  pry-debugger
  rack
  rack-test
  rspec
  sinatra
  thin
  twitter
